PATH
  remote: .
  specs:
    tenkit (0.0.4)
      httparty (~> 0.21.0)
      jwt (~> 2.7.0)

GEM
  remote: https://rubygems.org/
  specs:
    diff-lcs (1.5.0)
    dotenv (2.8.1)
    httparty (0.21.0)
      mini_mime (>= 1.0.0)
      multi_xml (>= 0.5.2)
    jwt (2.7.0)
    mini_mime (1.1.2)
    multi_xml (0.6.0)
    rake (12.3.3)
    rspec (3.12.0)
      rspec-core (~> 3.12.0)
      rspec-expectations (~> 3.12.0)
      rspec-mocks (~> 3.12.0)
    rspec-core (3.12.1)
      rspec-support (~> 3.12.0)
    rspec-expectations (3.12.2)
      diff-lcs (>= 1.2.0, < 2.0)
      rspec-support (~> 3.12.0)
    rspec-mocks (3.12.3)
      diff-lcs (>= 1.2.0, < 2.0)
      rspec-support (~> 3.12.0)
    rspec-support (3.12.0)

PLATFORMS
  arm64-darwin-21
  arm64-darwin-22
  x86_64-linux

DEPENDENCIES
  bundler (~> 2.3.17)
  dotenv (~> 2.8)
  rake (~> 12.3)
  rspec (~> 3.0)
  tenkit!

BUNDLED WITH
   2.3.17
